GEM
  remote: http://rubygems.org/
  specs:
    actionmailer (2.3.5)
      actionpack (= 2.3.5)
    actionpack (2.3.5)
      activesupport (= 2.3.5)
      rack (~> 1.0.0)
    activerecord (2.3.5)
      activesupport (= 2.3.5)
    activeresource (2.3.5)
      activesupport (= 2.3.5)
    activesupport (2.3.5)
    authlogic (2.1.6)
      activesupport
    columnize (0.3.1)
    factory_girl (1.2.4)
    hoe (2.6.2)
      rake (>= 0.8.7)
      rubyforge (>= 2.0.4)
    hpricot (0.8.2)
    json_pure (1.4.6)
    linecache (0.43)
    mysql (2.8.1)
    ofx-parser (1.0.2)
      hoe (>= 1.5.1)
      hpricot (>= 0.6)
    pg (0.9.0)
    rack (1.0.1)
    rails (2.3.5)
      actionmailer (= 2.3.5)
      actionpack (= 2.3.5)
      activerecord (= 2.3.5)
      activeresource (= 2.3.5)
      activesupport (= 2.3.5)
      rake (>= 0.8.3)
    rake (0.8.7)
    rspec (1.3.0)
    rspec-rails (1.3.2)
      rack (>= 1.0.0)
      rspec (>= 1.3.0)
    ruby-debug (0.10.3)
      columnize (>= 0.1)
      ruby-debug-base (~> 0.10.3.0)
    ruby-debug-base (0.10.3)
      linecache (>= 0.3)
    ruby-prof (0.9.2)
    rubyforge (2.0.4)
      json_pure (>= 1.1.7)
    settingslogic (2.0.6)
    spork (0.8.4)
    wdd-ruby-ext (0.0.11)

PLATFORMS
  ruby

DEPENDENCIES
  authlogic
  factory_girl (= 1.2.4)
  mysql (= 2.8.1)
  ofx-parser
  pg
  rails (= 2.3.5)
  rspec
  rspec-rails
  ruby-debug
  ruby-prof
  settingslogic
  spork (= 0.8.4)
  wdd-ruby-ext (>= 0.0.11)
